GEM
  remote: http://rubygems.org/
  specs:
    dbi (0.4.5)
      deprecated (= 2.0.1)
    deprecated (2.0.1)
    mysql (2.8.1)
    nokogiri (1.5.0)

PLATFORMS
  ruby

DEPENDENCIES
  dbi (= 0.4.5)
  mysql (= 2.8.1)
  nokogiri (= 1.5.0)
